PATH
  remote: .
  specs:
    jk (0.1.0)

GEM
  remote: https://rubygems.org/
  specs:
    rake (13.0.6)

PLATFORMS
  x64-mingw-ucrt

DEPENDENCIES
  jk!
  rake (~> 13.0)

BUNDLED WITH
   2.3.24
